GEM
  remote: https://rubygems.org/
  specs:
    activesupport (6.0.3.3)
      concurrent-ruby (~> 1.0, >= 1.0.2)
      i18n (>= 0.7, < 2)
      minitest (~> 5.1)
      tzinfo (~> 1.1)
      zeitwerk (~> 2.2, >= 2.2.2)
    concurrent-ruby (1.1.7)
    dotenv (2.7.6)
    graphql (1.11.4)
    graphql-client (0.16.0)
      activesupport (>= 3.0)
      graphql (~> 1.8)
    i18n (1.8.5)
      concurrent-ruby (~> 1.0)
    minitest (5.14.2)
    nio4r (2.5.3)
    pg (1.2.3)
    puma (4.3.6)
      nio4r (~> 2.0)
    rack (2.2.3)
    rake (13.0.1)
    roda (3.35.0)
      rack
    sequel (5.36.0)
    thread_safe (0.3.6)
    tilt (2.0.10)
    tzinfo (1.2.7)
      thread_safe (~> 0.1)
    zeitwerk (2.4.0)

PLATFORMS
  ruby

DEPENDENCIES
  dotenv
  graphql-client
  pg
  puma
  rake
  roda
  sequel
  tilt

RUBY VERSION
   ruby 2.7.1p83

BUNDLED WITH
   2.1.4
